GEM
  specs:
    minitest (5.14.0)

PLATFORMS
  ruby

DEPENDENCIES
  minitest

RUBY VERSION
   ruby 2.7.1p83

BUNDLED WITH
   2.1.4
